GIT
  remote: https://github.com/eshopguide/centralized-logging.git
  revision: 9e1d82af21df517a6970f03aa247eb4441e3fe44
  specs:
    central_event_logger (0.1.7)
      pg (~> 1.1)
      rails (~> 7.0)
      tzinfo-data (~> 1.2024.2)

PATH
  remote: .
  specs:
    shopify_billing (0.1.0)
      central_event_logger (= 0.1.7)
      honeybadger (>= 4.0)
      rails (~> 7.0)
      shopify_api (~> 14.4)
      shopify_app (>= 22.3)

GEM
  remote: https://rubygems.org/
  specs:
    actioncable (7.0.8.4)
      actionpack (= 7.0.8.4)
      activesupport (= 7.0.8.4)
      nio4r (~> 2.0)
      websocket-driver (>= 0.6.1)
    actionmailbox (7.0.8.4)
      actionpack (= 7.0.8.4)
      activejob (= 7.0.8.4)
      activerecord (= 7.0.8.4)
      activestorage (= 7.0.8.4)
      activesupport (= 7.0.8.4)
      mail (>= 2.7.1)
      net-imap
      net-pop
      net-smtp
    actionmailer (7.0.8.4)
      actionpack (= 7.0.8.4)
      actionview (= 7.0.8.4)
      activejob (= 7.0.8.4)
      activesupport (= 7.0.8.4)
      mail (~> 2.5, >= 2.5.4)
      net-imap
      net-pop
      net-smtp
      rails-dom-testing (~> 2.0)
    actionpack (7.0.8.4)
      actionview (= 7.0.8.4)
      activesupport (= 7.0.8.4)
      rack (~> 2.0, >= 2.2.4)
      rack-test (>= 0.6.3)
      rails-dom-testing (~> 2.0)
      rails-html-sanitizer (~> 1.0, >= 1.2.0)
    actiontext (7.0.8.4)
      actionpack (= 7.0.8.4)
      activerecord (= 7.0.8.4)
      activestorage (= 7.0.8.4)
      activesupport (= 7.0.8.4)
      globalid (>= 0.6.0)
      nokogiri (>= 1.8.5)
    actionview (7.0.8.4)
      activesupport (= 7.0.8.4)
      builder (~> 3.1)
      erubi (~> 1.4)
      rails-dom-testing (~> 2.0)
      rails-html-sanitizer (~> 1.1, >= 1.2.0)
    activejob (7.0.8.4)
      activesupport (= 7.0.8.4)
      globalid (>= 0.3.6)
    activemodel (7.0.8.4)
      activesupport (= 7.0.8.4)
    activemodel-serializers-xml (1.0.3)
      activemodel (>= 5.0.0.a)
      activesupport (>= 5.0.0.a)
      builder (~> 3.1)
    activerecord (7.0.8.4)
      activemodel (= 7.0.8.4)
      activesupport (= 7.0.8.4)
    activeresource (6.1.1)
      activemodel (>= 6.0)
      activemodel-serializers-xml (~> 1.0)
      activesupport (>= 6.0)
    activestorage (7.0.8.4)
      actionpack (= 7.0.8.4)
      activejob (= 7.0.8.4)
      activerecord (= 7.0.8.4)
      activesupport (= 7.0.8.4)
      marcel (~> 1.0)
      mini_mime (>= 1.1.0)
    activesupport (7.0.8.4)
      concurrent-ruby (~> 1.0, >= 1.0.2)
      i18n (>= 1.6, < 2)
      minitest (>= 5.1)
      tzinfo (~> 2.0)
    addressable (2.8.7)
      public_suffix (>= 2.0.2, < 7.0)
    base64 (0.2.0)
    bigdecimal (3.1.8)
    builder (3.3.0)
    combustion (1.5.0)
      activesupport (>= 3.0.0)
      railties (>= 3.0.0)
      thor (>= 0.14.6)
    concurrent-ruby (1.3.4)
    crass (1.0.6)
    csv (3.3.0)
    database_cleaner-active_record (2.2.0)
      activerecord (>= 5.a)
      database_cleaner-core (~> 2.0.0)
    database_cleaner-core (2.0.1)
    date (3.3.4)
    diff-lcs (1.6.0)
    dotenv (2.8.1)
    dotenv-rails (2.8.1)
      dotenv (= 2.8.1)
      railties (>= 3.2)
    erubi (1.13.0)
    factory_bot (6.5.1)
      activesupport (>= 6.1.0)
    factory_bot_rails (6.4.4)
      factory_bot (~> 6.5)
      railties (>= 5.0.0)
    globalid (1.2.1)
      activesupport (>= 6.1)
    hash_diff (1.1.1)
    honeybadger (5.16.0)
      logger
    httparty (0.22.0)
      csv
      mini_mime (>= 1.0.0)
      multi_xml (>= 0.5.2)
    i18n (1.14.6)
      concurrent-ruby (~> 1.0)
    jwt (2.9.1)
      base64
    logger (1.6.1)
    loofah (2.22.0)
      crass (~> 1.0.2)
      nokogiri (>= 1.12.0)
    mail (2.8.1)
      mini_mime (>= 0.1.1)
      net-imap
      net-pop
      net-smtp
    marcel (1.0.4)
    method_source (1.1.0)
    mini_mime (1.1.5)
    minitest (5.25.1)
    multi_xml (0.7.1)
      bigdecimal (~> 3.1)
    net-imap (0.4.16)
      date
      net-protocol
    net-pop (0.1.2)
      net-protocol
    net-protocol (0.2.2)
      timeout
    net-smtp (0.5.0)
      net-protocol
    nio4r (2.7.3)
    nokogiri (1.16.7-arm64-darwin)
      racc (~> 1.4)
    oj (3.16.6)
      bigdecimal (>= 3.0)
      ostruct (>= 0.2)
    openssl (3.2.0)
    ostruct (0.6.0)
    pg (1.5.8)
    public_suffix (6.0.1)
    puma (6.3.0)
      nio4r (~> 2.0)
    racc (1.8.1)
    rack (2.2.9)
    rack-test (2.1.0)
      rack (>= 1.3)
    rails (7.0.8.4)
      actioncable (= 7.0.8.4)
      actionmailbox (= 7.0.8.4)
      actionmailer (= 7.0.8.4)
      actionpack (= 7.0.8.4)
      actiontext (= 7.0.8.4)
      actionview (= 7.0.8.4)
      activejob (= 7.0.8.4)
      activemodel (= 7.0.8.4)
      activerecord (= 7.0.8.4)
      activestorage (= 7.0.8.4)
      activesupport (= 7.0.8.4)
      bundler (>= 1.15.0)
      railties (= 7.0.8.4)
    rails-dom-testing (2.2.0)
      activesupport (>= 5.0.0)
      minitest
      nokogiri (>= 1.6)
    rails-html-sanitizer (1.6.0)
      loofah (~> 2.21)
      nokogiri (~> 1.14)
    railties (7.0.8.4)
      actionpack (= 7.0.8.4)
      activesupport (= 7.0.8.4)
      method_source
      rake (>= 12.2)
      thor (~> 1.0)
      zeitwerk (~> 2.5)
    rake (13.2.1)
    redirect_safely (1.0.0)
      activemodel
    rspec-core (3.13.3)
      rspec-support (~> 3.13.0)
    rspec-expectations (3.13.3)
      diff-lcs (>= 1.2.0, < 2.0)
      rspec-support (~> 3.13.0)
    rspec-mocks (3.13.2)
      diff-lcs (>= 1.2.0, < 2.0)
      rspec-support (~> 3.13.0)
    rspec-rails (7.1.1)
      actionpack (>= 7.0)
      activesupport (>= 7.0)
      railties (>= 7.0)
      rspec-core (~> 3.13)
      rspec-expectations (~> 3.13)
      rspec-mocks (~> 3.13)
      rspec-support (~> 3.13)
    rspec-support (3.13.2)
    securerandom (0.3.1)
    shopify_api (14.4.0)
      activesupport
      concurrent-ruby
      hash_diff
      httparty
      jwt
      oj
      openssl
      securerandom
      sorbet-runtime
      zeitwerk (~> 2.5)
    shopify_app (22.4.0)
      activeresource
      addressable (~> 2.7)
      jwt (>= 2.2.3)
      rails (> 5.2.1)
      redirect_safely (~> 1.0)
      shopify_api (>= 14.3.0, < 15.0)
      sprockets-rails (>= 2.0.0)
    shoulda-matchers (5.3.0)
      activesupport (>= 5.2.0)
    sorbet-runtime (0.5.11582)
    sprockets (3.7.5)
      base64
      concurrent-ruby (~> 1.0)
      rack (> 1, < 3)
    sprockets-rails (3.5.2)
      actionpack (>= 6.1)
      activesupport (>= 6.1)
      sprockets (>= 3.0.0)
    sqlite3 (1.6.3-arm64-darwin)
    thor (1.3.2)
    timeout (0.4.1)
    tzinfo (2.0.6)
      concurrent-ruby (~> 1.0)
    tzinfo-data (1.2024.2)
      tzinfo (>= 1.0.0)
    websocket-driver (0.7.6)
      websocket-extensions (>= 0.1.0)
    websocket-extensions (0.1.5)
    zeitwerk (2.6.18)

PLATFORMS
  arm64-darwin

DEPENDENCIES
  central_event_logger (= 0.1.7)!
  combustion (~> 1.5.0)
  database_cleaner-active_record (~> 2.2.0)
  dotenv-rails (~> 2.8.1)
  factory_bot_rails (~> 6.4.4)
  pg (~> 1.5.8)
  puma
  rspec-rails (~> 7.1.1)
  shopify_billing!
  shoulda-matchers (~> 5.3.0)
  sprockets-rails
  sqlite3

BUNDLED WITH
   2.5.6
